GIT
  remote: git://github.com/modusoperandi/webdriver-user-agent.git
  revision: 0cc88a0e61a7b36804412a59e682d9be24e0de27
  specs:
    webdriver-user-agent (0.2.0)
      facets
      json
      selenium-webdriver

PATH
  remote: .
  specs:
    mo_test_helpers (0.0.5)
      capybara (>= 1.1.2)
      cucumber (>= 1.2.1)
      database_cleaner (>= 0.9.1)
      factory_girl (>= 3.1.0)
      headless (>= 0.3.1)
      rspec (>= 2.8.0)
      selenium-webdriver (>= 2.25.0)
      simplecov (>= 0.7.1)
      simplecov-rcov (>= 0.2.3)
      watir (>= 4.0.2)

GEM
  remote: http://rubygems.org/
  specs:
    activesupport (3.2.11)
      i18n (~> 0.6)
      multi_json (~> 1.0)
    builder (3.1.4)
    capybara (2.0.2)
      mime-types (>= 1.16)
      nokogiri (>= 1.3.3)
      rack (>= 1.0.0)
      rack-test (>= 0.5.4)
      selenium-webdriver (~> 2.0)
      xpath (~> 1.0.0)
    childprocess (0.3.7)
      ffi (~> 1.0, >= 1.0.6)
    commonwatir (4.0.0)
    cucumber (1.2.1)
      builder (>= 2.1.2)
      diff-lcs (>= 1.1.3)
      gherkin (~> 2.11.0)
      json (>= 1.4.6)
    database_cleaner (0.9.1)
    diff-lcs (1.1.3)
    facets (2.9.3)
    factory_girl (4.2.0)
      activesupport (>= 3.0.0)
    ffi (1.3.1)
    gherkin (2.11.6)
      json (>= 1.7.6)
    headless (1.0.0)
    i18n (0.6.1)
    json (1.7.6)
    mime-types (1.21)
    multi_json (1.5.0)
    nokogiri (1.5.6)
    rack (1.5.2)
    rack-test (0.6.2)
      rack (>= 1.0)
    rspec (2.12.0)
      rspec-core (~> 2.12.0)
      rspec-expectations (~> 2.12.0)
      rspec-mocks (~> 2.12.0)
    rspec-core (2.12.2)
    rspec-expectations (2.12.1)
      diff-lcs (~> 1.1.3)
    rspec-mocks (2.12.2)
    rubyzip (0.9.9)
    selenium-webdriver (2.29.0)
      childprocess (>= 0.2.5)
      multi_json (~> 1.0)
      rubyzip
      websocket (~> 1.0.4)
    simplecov (0.7.1)
      multi_json (~> 1.0)
      simplecov-html (~> 0.7.1)
    simplecov-html (0.7.1)
    simplecov-rcov (0.2.3)
      simplecov (>= 0.4.1)
    watir (4.0.2)
      commonwatir (~> 4)
      watir-webdriver
    watir-webdriver (0.6.2)
      selenium-webdriver (>= 2.18.0)
    websocket (1.0.7)
    xpath (1.0.0)
      nokogiri (~> 1.3)

PLATFORMS
  ruby

DEPENDENCIES
  mo_test_helpers!
  webdriver-user-agent!
